REDIRECTS: OFF
STORAGE: NONE
RESTRICTION: == net6.0
NUGET
  remote: https://api.nuget.org/v3/index.json
    FSharp.Core (6.0)
    Mono.Cecil (0.11.4)
    SharpZipLib (1.3.3)
